GEM
  remote: http://rubygems.org/
  specs:
    juggernaut (2.1.1)
      redis
    redis (3.0.1)

PLATFORMS
  ruby

DEPENDENCIES
  juggernaut
